GEM
  remote: http://rubygems.org/
  specs:
    addressable (2.5.2)
      public_suffix (>= 2.0.2, < 4.0)
    airbrussh (1.3.1)
      sshkit (>= 1.6.1, != 1.7.0)
    autoprefixer-rails (9.4.4)
      execjs
    bootstrap (4.1.3)
      autoprefixer-rails (>= 6.0.3)
      popper_js (>= 1.12.9, < 2)
      sass (>= 3.5.2)
    capistrano (3.11.0)
      airbrussh (>= 1.0.0)
      i18n
      rake (>= 10.0.0)
      sshkit (>= 1.9.0)
    capistrano-bundler (1.5.0)
      capistrano (~> 3.1)
    capistrano-rvm (0.1.2)
      capistrano (~> 3.0)
      sshkit (~> 1.2)
    capistrano3-puma (3.1.1)
      capistrano (~> 3.7)
      capistrano-bundler
      puma (~> 3.4)
    capybara (3.12.0)
      addressable
      mini_mime (>= 0.1.3)
      nokogiri (~> 1.8)
      rack (>= 1.6.0)
      rack-test (>= 0.6.3)
      regexp_parser (~> 1.2)
      xpath (~> 3.2)
    capybara-webkit (1.15.1)
      capybara (>= 2.3, < 4.0)
      json
    coffee-script (2.4.1)
      coffee-script-source
      execjs
    coffee-script-source (1.12.2)
    concurrent-ruby (1.1.4)
    diff-lcs (1.3)
    excel_to_code (0.3.19)
      ffi (~> 1.9, >= 1.9.18)
      minitest (~> 5.11, >= 5.11.1)
      ox (~> 2.8, >= 2.8.2)
      rspec (~> 3.7)
      rubypeg (~> 0, >= 0.0.4)
    execjs (2.7.0)
    ffi (1.10.0)
    haml (5.0.4)
      temple (>= 0.8.0)
      tilt
    i18n (1.5.1)
      concurrent-ruby (~> 1.0)
    json (2.1.0)
    launchy (2.4.3)
      addressable (~> 2.3)
    mini_mime (1.0.1)
    mini_portile2 (2.4.0)
    minitest (5.11.3)
    mustermann (1.0.3)
    net-scp (1.2.1)
      net-ssh (>= 2.6.5)
    net-ssh (5.1.0)
    nokogiri (1.10.0)
      mini_portile2 (~> 2.4.0)
    ox (2.10.0)
    popper_js (1.14.5)
    public_suffix (3.0.3)
    puma (3.11.3)
    rack (2.0.6)
    rack-protection (2.0.1)
      rack
    rack-test (1.1.0)
      rack (>= 1.0, < 3)
    rake (12.3.2)
    rb-fsevent (0.10.3)
    rb-inotify (0.10.0)
      ffi (~> 1.0)
    regexp_parser (1.3.0)
    rspec (3.8.0)
      rspec-core (~> 3.8.0)
      rspec-expectations (~> 3.8.0)
      rspec-mocks (~> 3.8.0)
    rspec-core (3.8.0)
      rspec-support (~> 3.8.0)
    rspec-expectations (3.8.2)
      diff-lcs (>= 1.2.0, < 2.0)
      rspec-support (~> 3.8.0)
    rspec-mocks (3.8.0)
      diff-lcs (>= 1.2.0, < 2.0)
      rspec-support (~> 3.8.0)
    rspec-support (3.8.0)
    rubypeg (0.0.4)
      rubyscriptwriter
    rubyscriptwriter (0.0.2)
    sass (3.7.3)
      sass-listen (~> 4.0.0)
    sass-listen (4.0.0)
      rb-fsevent (~> 0.9, >= 0.9.4)
      rb-inotify (~> 0.9, >= 0.9.7)
    shotgun (0.9.2)
      rack (>= 1.0)
    sinatra (2.0.1)
      mustermann (~> 1.0)
      rack (~> 2.0)
      rack-protection (= 2.0.1)
      tilt (~> 2.0)
    sprockets (3.7.1)
      concurrent-ruby (~> 1.0)
      rack (> 1, < 3)
    sshkit (1.18.0)
      net-scp (>= 1.1.2)
      net-ssh (>= 2.8.0)
    temple (0.8.0)
    tilt (2.0.9)
    uglifier (4.1.20)
      execjs (>= 0.3.0, < 3)
    xpath (3.2.0)
      nokogiri (~> 1.8)
    yui-compressor (0.12.0)

PLATFORMS
  ruby

DEPENDENCIES
  bootstrap (~> 4.1.0)
  capistrano (~> 3.8)
  capistrano-bundler
  capistrano-rvm
  capistrano3-puma
  capybara-webkit
  coffee-script
  excel_to_code (>= 0.3.16)
  ffi
  haml
  json
  launchy
  minitest
  puma (= 3.11.3)
  rack-test
  sass (= 3.7.3)
  shotgun
  sinatra (= 2.0.1)
  sprockets (= 3.7.1)
  uglifier
  yui-compressor

BUNDLED WITH
   2.0.1
